GEM
  remote: https://rubygems.org/
  specs:
    mini_portile2 (2.1.0)
    nokogiri (1.6.8.1)
      mini_portile2 (~> 2.1.0)
    require_all (1.3.3)

PLATFORMS
  ruby

DEPENDENCIES
  nokogiri
  require_all

BUNDLED WITH
   1.13.6
